GIT
  remote: git://github.com/rails/activerecord-deprecated_finders.git
  revision: dd99c375c44b7cb38c5323cd419a5882817249f0
  specs:
    activerecord-deprecated_finders (0.0.1)

GIT
  remote: git://github.com/rails/journey.git
  revision: 5e14f7477b3d05595bf950b33812793da2c3913c
  specs:
    journey (2.0.0.20120723141804)

GIT
  remote: git://github.com/rails/rails.git
  revision: 2f3d81c764a8b527299be8c33c64814431f83482
  specs:
    actionmailer (4.0.0.beta)
      actionpack (= 4.0.0.beta)
      mail (~> 2.4.4)
    actionpack (4.0.0.beta)
      activesupport (= 4.0.0.beta)
      builder (~> 3.1.0)
      erubis (~> 2.7.0)
      journey (~> 2.0.0)
      rack (~> 1.4.1)
      rack-test (~> 0.6.1)
    activemodel (4.0.0.beta)
      activesupport (= 4.0.0.beta)
      builder (~> 3.1.0)
    activerecord (4.0.0.beta)
      activemodel (= 4.0.0.beta)
      activerecord-deprecated_finders (= 0.0.1)
      activesupport (= 4.0.0.beta)
      arel (~> 3.0.2)
    activesupport (4.0.0.beta)
      i18n (~> 0.6)
      minitest (~> 4.1)
      multi_json (~> 1.3)
      tzinfo (~> 0.3.33)
    rails (4.0.0.beta)
      actionmailer (= 4.0.0.beta)
      actionpack (= 4.0.0.beta)
      activerecord (= 4.0.0.beta)
      activesupport (= 4.0.0.beta)
      bundler (~> 1.2)
      railties (= 4.0.0.beta)
      sprockets-rails (~> 2.0.0.rc1)
    railties (4.0.0.beta)
      actionpack (= 4.0.0.beta)
      activesupport (= 4.0.0.beta)
      rake (>= 0.8.7)
      rdoc (~> 3.4)
      thor (>= 0.15.4, < 2.0)

GEM
  remote: http://rubygems.org/
  specs:
    addressable (2.3.2)
    arel (3.0.2)
    builder (3.1.4)
    capybara (1.1.3)
      mime-types (>= 1.16)
      nokogiri (>= 1.3.3)
      rack (>= 1.0.0)
      rack-test (>= 0.5.4)
      selenium-webdriver (~> 2.0)
      xpath (~> 0.1.4)
    childprocess (0.3.6)
      ffi (~> 1.0, >= 1.0.6)
    diff-lcs (1.1.3)
    erubis (2.7.0)
    execjs (1.4.0)
      multi_json (~> 1.0)
    factory_girl (3.6.2)
      activesupport (>= 3.0.0)
    factory_girl_rails (3.6.0)
      factory_girl (~> 3.6.0)
      railties (>= 3.0.0)
    ffi (1.1.5)
    fuubar (1.1.1)
      rspec (~> 2.0)
      rspec-instafail (~> 0.2.0)
      ruby-progressbar (~> 1.0)
    hike (1.2.1)
    i18n (0.6.1)
    jquery-rails (2.1.3)
      railties (>= 3.1.0, < 5.0)
      thor (~> 0.14)
    json (1.7.5)
    kgio (2.8.0)
    libwebsocket (0.1.5)
      addressable
    mail (2.4.4)
      i18n (>= 0.4.0)
      mime-types (~> 1.16)
      treetop (~> 1.4.8)
    mime-types (1.19)
    minitest (4.2.0)
    multi_json (1.3.7)
    nokogiri (1.5.5)
    pg (0.14.1)
    polyglot (0.3.3)
    rack (1.4.1)
    rack-test (0.6.2)
      rack (>= 1.0)
    raindrops (0.11.0)
    rake (0.9.2.2)
    rdoc (3.12)
      json (~> 1.4)
    redcarpet (2.2.2)
    rspec (2.11.0)
      rspec-core (~> 2.11.0)
      rspec-expectations (~> 2.11.0)
      rspec-mocks (~> 2.11.0)
    rspec-core (2.11.1)
    rspec-expectations (2.11.3)
      diff-lcs (~> 1.1.3)
    rspec-instafail (0.2.4)
    rspec-mocks (2.11.3)
    rspec-rails (2.11.4)
      actionpack (>= 3.0)
      activesupport (>= 3.0)
      railties (>= 3.0)
      rspec (~> 2.11.0)
    ruby-progressbar (1.1.1)
    rubyzip (0.9.9)
    selenium-webdriver (2.26.0)
      childprocess (>= 0.2.5)
      libwebsocket (~> 0.1.3)
      multi_json (~> 1.0)
      rubyzip
    simplecov (0.7.1)
      multi_json (~> 1.0)
      simplecov-html (~> 0.7.1)
    simplecov-html (0.7.1)
    sprockets (2.8.1)
      hike (~> 1.2)
      multi_json (~> 1.0)
      rack (~> 1.0)
      tilt (~> 1.1, != 1.3.0)
    sprockets-rails (2.0.0.rc1)
      actionpack (>= 3.0)
      activesupport (>= 3.0)
      sprockets (~> 2.8)
    thor (0.15.4)
    tilt (1.3.3)
    treetop (1.4.12)
      polyglot
      polyglot (>= 0.3.1)
    tzinfo (0.3.35)
    uglifier (1.3.0)
      execjs (>= 0.3.0)
      multi_json (~> 1.0, >= 1.0.2)
    unicorn (4.6.3)
      kgio (~> 2.6)
      rack
      raindrops (~> 0.7)
    xpath (0.1.4)
      nokogiri (~> 1.3)

PLATFORMS
  ruby

DEPENDENCIES
  activerecord-deprecated_finders!
  capybara
  factory_girl_rails (~> 3.0)
  fuubar
  journey!
  jquery-rails
  pg
  rails!
  redcarpet
  rspec-rails
  simplecov
  uglifier (>= 1.0.3)
  unicorn
